GEM
  remote: https://rubygems.org/
  specs:
    addressable (2.2.7)
    ai4r (1.11)
    crack (0.3.1)
    diff-lcs (1.1.3)
    faraday (0.7.6)
      addressable (~> 2.2)
      multipart-post (~> 1.1)
      rack (~> 1.1)
    foreman (0.41.0)
      thor (>= 0.13.6)
    haml (5.0.0)
      temple (>= 0.8.0)
      tilt
    multipart-post (1.1.5)
    rack (1.4.1)
    rack-protection (1.2.0)
      rack
    rake (0.9.2.2)
    rspec (2.9.0)
      rspec-core (~> 2.9.0)
      rspec-expectations (~> 2.9.0)
      rspec-mocks (~> 2.9.0)
    rspec-core (2.9.0)
    rspec-expectations (2.9.0)
      diff-lcs (~> 1.1.3)
    rspec-mocks (2.9.0)
    shotgun (0.9)
      rack (>= 1.0)
    sinatra (1.3.2)
      rack (~> 1.3, >= 1.3.6)
      rack-protection (~> 1.2)
      tilt (~> 1.3, >= 1.3.3)
    temple (0.8.2)
    thor (0.14.6)
    tilt (1.3.3)
    vcr (2.0.0)
    webmock (1.8.3)
      addressable (>= 2.2.7)
      crack (>= 0.1.7)

PLATFORMS
  ruby

DEPENDENCIES
  ai4r
  faraday
  foreman
  haml
  rake
  rspec
  shotgun
  sinatra
  vcr
  webmock
